PATH
  remote: .
  specs:
    vent (0.9.10)
      sucker_punch (~> 3.0.1)
      wisper (~> 2.0.0)

GEM
  remote: https://rubygems.org/
  specs:
    ansi (1.5.0)
    builder (3.2.4)
    colorize (0.8.1)
    concurrent-ruby (1.1.8)
    minitest (5.14.4)
    minitest-reporters (1.3.8)
      ansi
      builder
      minitest (>= 5.0)
      ruby-progressbar
    rake (13.0.3)
    ruby-progressbar (1.11.0)
    sucker_punch (3.0.1)
      concurrent-ruby (~> 1.0)
    wisper (2.0.1)

PLATFORMS
  ruby

DEPENDENCIES
  bundler (~> 2.1.4)
  colorize
  minitest (~> 5.0)
  minitest-reporters (~> 1.3.5)
  rake (~> 13.0)
  vent!

BUNDLED WITH
   2.1.4
