PATH
  remote: .
  specs:
    vent (0.9.1)
      sucker_punch (~> 2.1)
      wisper (= 2.0.0.rc1)

GEM
  remote: https://rubygems.org/
  specs:
    ansi (1.5.0)
    builder (3.2.3)
    concurrent-ruby (1.1.3)
    minitest (5.11.3)
    minitest-reporters (1.3.5)
      ansi
      builder
      minitest (>= 5.0)
      ruby-progressbar
    rake (10.5.0)
    ruby-progressbar (1.10.0)
    sucker_punch (2.1.1)
      concurrent-ruby (~> 1.0)
    wisper (2.0.0.rc1)

PLATFORMS
  ruby

DEPENDENCIES
  bundler (~> 1.16)
  minitest (~> 5.0)
  minitest-reporters (~> 1.3.5)
  rake (~> 10.0)
  vent!

BUNDLED WITH
   1.16.1
