PATH
  remote: .
  specs:
    vent (0.9.8)
      sucker_punch (~> 2.1)
      wisper (= 2.0.0.rc1)

GEM
  remote: https://rubygems.org/
  specs:
    ansi (1.5.0)
    builder (3.2.4)
    colorize (0.8.1)
    concurrent-ruby (1.1.6)
    minitest (5.14.1)
    minitest-reporters (1.3.8)
      ansi
      builder
      minitest (>= 5.0)
      ruby-progressbar
    rake (13.0.1)
    ruby-progressbar (1.10.1)
    sucker_punch (2.1.2)
      concurrent-ruby (~> 1.0)
    wisper (2.0.0.rc1)

PLATFORMS
  ruby

DEPENDENCIES
  bundler (~> 1.16)
  colorize
  minitest (~> 5.0)
  minitest-reporters (~> 1.3.5)
  rake (~> 13.0)
  vent!

BUNDLED WITH
   1.16.1
